GEM
  remote: https://rubygems.org/
  specs:
    animation (0.1.alpha.3)
      compass (>= 0.12.0)
      sass (>= 3.2.0.alpha.95)
    chunky_png (1.2.8)
    compass (0.12.2)
      chunky_png (~> 1.2)
      fssm (>= 0.2.7)
      sass (~> 3.1)
    compass-sourcemaps (0.12.3.sourcemaps.a4836f1)
      chunky_png (~> 1.2)
      fssm (>= 0.2.7)
      sass (> 3.2.5, < 3.4)
    fssm (0.2.10)
    listen (0.7.3)
    sass (3.3.0.alpha.149)
      listen (~> 0.7)

PLATFORMS
  ruby

DEPENDENCIES
  animation (~> 0.1.alpha.0)
  compass (= 0.12.2)
  compass-sourcemaps (~> 0.12.2.sourcemaps.57a186c)
  sass (= 3.3.0.alpha.149)
